GEM
  remote: https://rubygems.org/
  specs:
    bacon (1.2.0)
    clap (1.0.0)
    cutest (1.2.3)
      clap
    diff-lcs (1.3)
    minitest (5.11.3)
    riot (0.12.7)
      rr
    rr (1.2.1)
    rspec (3.7.0)
      rspec-core (~> 3.7.0)
      rspec-expectations (~> 3.7.0)
      rspec-mocks (~> 3.7.0)
    rspec-core (3.7.1)
      rspec-support (~> 3.7.0)
    rspec-expectations (3.7.0)
      diff-lcs (>= 1.2.0, < 2.0)
      rspec-support (~> 3.7.0)
    rspec-mocks (3.7.0)
      diff-lcs (>= 1.2.0, < 2.0)
      rspec-support (~> 3.7.0)
    rspec-support (3.7.0)

PLATFORMS
  ruby

DEPENDENCIES
  bacon
  cutest
  minitest
  riot
  rspec

BUNDLED WITH
   1.16.1
