GEM
  remote: https://rubygems.org/
  specs:
    bacon (1.2.0)
    clap (1.0.0)
    cutest (1.2.2)
      clap
    diff-lcs (1.2.5)
    minitest (5.6.0)
    riot (0.12.7)
      rr
    rr (1.1.2)
    rspec (3.2.0)
      rspec-core (~> 3.2.0)
      rspec-expectations (~> 3.2.0)
      rspec-mocks (~> 3.2.0)
    rspec-core (3.2.3)
      rspec-support (~> 3.2.0)
    rspec-expectations (3.2.1)
      diff-lcs (>= 1.2.0, < 2.0)
      rspec-support (~> 3.2.0)
    rspec-mocks (3.2.1)
      diff-lcs (>= 1.2.0, < 2.0)
      rspec-support (~> 3.2.0)
    rspec-support (3.2.2)

PLATFORMS
  ruby

DEPENDENCIES
  bacon
  cutest
  minitest
  riot
  rspec
